GEM
  remote: https://rubygems.org/
  specs:
    actioncable (6.1.5.1)
      actionpack (= 6.1.5.1)
      activesupport (= 6.1.5.1)
      nio4r (~> 2.0)
      websocket-driver (>= 0.6.1)
    actionmailbox (6.1.5.1)
      actionpack (= 6.1.5.1)
      activejob (= 6.1.5.1)
      activerecord (= 6.1.5.1)
      activestorage (= 6.1.5.1)
      activesupport (= 6.1.5.1)
      mail (>= 2.7.1)
    actionmailer (6.1.5.1)
      actionpack (= 6.1.5.1)
      actionview (= 6.1.5.1)
      activejob (= 6.1.5.1)
      activesupport (= 6.1.5.1)
      mail (~> 2.5, >= 2.5.4)
      rails-dom-testing (~> 2.0)
    actionpack (6.1.5.1)
      actionview (= 6.1.5.1)
      activesupport (= 6.1.5.1)
      rack (~> 2.0, >= 2.0.9)
      rack-test (>= 0.6.3)
      rails-dom-testing (~> 2.0)
      rails-html-sanitizer (~> 1.0, >= 1.2.0)
    actionpack-action_caching (1.2.2)
      actionpack (>= 4.0.0)
    actiontext (6.1.5.1)
      actionpack (= 6.1.5.1)
      activerecord (= 6.1.5.1)
      activestorage (= 6.1.5.1)
      activesupport (= 6.1.5.1)
      nokogiri (>= 1.8.5)
    actionview (6.1.5.1)
      activesupport (= 6.1.5.1)
      builder (~> 3.1)
      erubi (~> 1.4)
      rails-dom-testing (~> 2.0)
      rails-html-sanitizer (~> 1.1, >= 1.2.0)
    activejob (6.1.5.1)
      activesupport (= 6.1.5.1)
      globalid (>= 0.3.6)
    activemodel (6.1.5.1)
      activesupport (= 6.1.5.1)
    activerecord (6.1.5.1)
      activemodel (= 6.1.5.1)
      activesupport (= 6.1.5.1)
    activestorage (6.1.5.1)
      actionpack (= 6.1.5.1)
      activejob (= 6.1.5.1)
      activerecord (= 6.1.5.1)
      activesupport (= 6.1.5.1)
      marcel (~> 1.0)
      mini_mime (>= 1.1.0)
    activesupport (6.1.5.1)
      concurrent-ruby (~> 1.0, >= 1.0.2)
      i18n (>= 1.6, < 2)
      minitest (>= 5.1)
      tzinfo (~> 2.0)
      zeitwerk (~> 2.3)
    addressable (2.8.0)
      public_suffix (>= 2.0.2, < 5.0)
    ast (2.4.2)
    audited (5.0.2)
      activerecord (>= 5.0, < 7.1)
    bootsnap (1.11.1)
      msgpack (~> 1.2)
    builder (3.2.4)
    bullet (7.0.1)
      activesupport (>= 3.0.0)
      uniform_notifier (~> 1.11)
    capybara (3.36.0)
      addressable
      matrix
      mini_mime (>= 0.1.3)
      nokogiri (~> 1.8)
      rack (>= 1.6.0)
      rack-test (>= 0.6.3)
      regexp_parser (>= 1.5, < 3.0)
      xpath (~> 3.2)
    childprocess (4.1.0)
    climate_control (1.0.1)
    coderay (1.1.3)
    coffee-rails (5.0.0)
      coffee-script (>= 2.2.0)
      railties (>= 5.2.0)
    coffee-script (2.4.1)
      coffee-script-source
      execjs
    coffee-script-source (1.12.2)
    concurrent-ruby (1.1.10)
    connection_pool (2.2.5)
    crack (0.4.5)
      rexml
    crass (1.0.6)
    dalli (3.2.1)
    diff-lcs (1.5.0)
    docile (1.4.0)
    domain_name (0.5.20190701)
      unf (>= 0.0.5, < 1.0.0)
    dotenv (2.7.6)
    dotenv-rails (2.7.6)
      dotenv (= 2.7.6)
      railties (>= 3.2)
    elabs_matchers (2.0.1)
      rspec-core
      rspec-expectations
    erubi (1.10.0)
    erubis (2.7.0)
    execjs (2.8.1)
    factory_bot (6.2.1)
      activesupport (>= 5.0.0)
    factory_bot_rails (6.2.0)
      factory_bot (~> 6.2.0)
      railties (>= 5.0.0)
    faker (2.20.0)
      i18n (>= 1.8.11, < 2)
    faraday (2.2.0)
      faraday-net_http (~> 2.0)
      ruby2_keywords (>= 0.0.4)
    faraday-net_http (2.0.2)
    ffi (1.15.5)
    ffi-compiler (1.0.1)
      ffi (>= 1.0.0)
      rake
    geocoder (1.7.5)
    globalid (1.0.0)
      activesupport (>= 5.0)
    haml (5.2.2)
      temple (>= 0.8.0)
      tilt
    haml-rails (2.0.1)
      actionpack (>= 5.1)
      activesupport (>= 5.1)
      haml (>= 4.0.6, < 6.0)
      html2haml (>= 1.0.1)
      railties (>= 5.1)
    hashdiff (1.0.1)
    hashie (5.0.0)
    html2haml (2.2.0)
      erubis (~> 2.7.0)
      haml (>= 4.0, < 6)
      nokogiri (>= 1.6.0)
      ruby_parser (~> 3.5)
    http (5.0.4)
      addressable (~> 2.8)
      http-cookie (~> 1.0)
      http-form_data (~> 2.2)
      llhttp-ffi (~> 0.4.0)
    http-cookie (1.0.4)
      domain_name (~> 0.5)
    http-form_data (2.3.0)
    i18n (1.10.0)
      concurrent-ruby (~> 1.0)
    jbuilder (2.11.5)
      actionview (>= 5.0.0)
      activesupport (>= 5.0.0)
    jquery-rails (4.4.0)
      rails-dom-testing (>= 1, < 3)
      railties (>= 4.2.0)
      thor (>= 0.14, < 2.0)
    jwt (2.3.0)
    launchy (2.5.0)
      addressable (~> 2.7)
    listen (3.7.1)
      rb-fsevent (~> 0.10, >= 0.10.3)
      rb-inotify (~> 0.9, >= 0.9.10)
    llhttp-ffi (0.4.0)
      ffi-compiler (~> 1.0)
      rake (~> 13.0)
    loofah (2.17.0)
      crass (~> 1.0.2)
      nokogiri (>= 1.5.9)
    mail (2.7.1)
      mini_mime (>= 0.1.1)
    marcel (1.0.2)
    matrix (0.4.2)
    memcachier (0.0.2)
    method_source (1.0.0)
    mini_mime (1.1.2)
    mini_portile2 (2.8.0)
    minitest (5.15.0)
    msgpack (1.5.1)
    multi_json (1.15.0)
    multi_xml (0.6.0)
    nio4r (2.5.8)
    nokogiri (1.13.5)
      mini_portile2 (~> 2.8.0)
      racc (~> 1.4)
    oauth2 (1.4.9)
      faraday (>= 0.17.3, < 3.0)
      jwt (>= 1.0, < 3.0)
      multi_json (~> 1.3)
      multi_xml (~> 0.5)
      rack (>= 1.2, < 3)
    oj (3.13.11)
    omniauth (2.1.0)
      hashie (>= 3.4.6)
      rack (>= 2.2.3)
      rack-protection
    omniauth-facebook (9.0.0)
      omniauth-oauth2 (~> 1.2)
    omniauth-oauth2 (1.7.2)
      oauth2 (~> 1.4)
      omniauth (>= 1.9, < 3)
    omniauth-rails_csrf_protection (1.0.1)
      actionpack (>= 4.2)
      omniauth (~> 2.0)
    parallel (1.22.1)
    parser (3.1.2.0)
      ast (~> 2.4.1)
    pg (1.3.5)
    power_assert (2.0.1)
    pry (0.14.1)
      coderay (~> 1.1)
      method_source (~> 1.0)
    pry-rails (0.3.9)
      pry (>= 0.10.4)
    public_suffix (4.0.7)
    puma (5.6.4)
      nio4r (~> 2.0)
    racc (1.6.0)
    rack (2.2.3)
    rack-attack (6.6.1)
      rack (>= 1.0, < 3)
    rack-canonical-host (1.1.0)
      addressable (> 0, < 3)
      rack (>= 1.0.0, < 3)
    rack-mini-profiler (3.0.0)
      rack (>= 1.2.0)
    rack-protection (2.2.0)
      rack
    rack-test (1.1.0)
      rack (>= 1.0, < 3)
    rails (6.1.5.1)
      actioncable (= 6.1.5.1)
      actionmailbox (= 6.1.5.1)
      actionmailer (= 6.1.5.1)
      actionpack (= 6.1.5.1)
      actiontext (= 6.1.5.1)
      actionview (= 6.1.5.1)
      activejob (= 6.1.5.1)
      activemodel (= 6.1.5.1)
      activerecord (= 6.1.5.1)
      activestorage (= 6.1.5.1)
      activesupport (= 6.1.5.1)
      bundler (>= 1.15.0)
      railties (= 6.1.5.1)
      sprockets-rails (>= 2.0.0)
    rails-controller-testing (1.0.5)
      actionpack (>= 5.0.1.rc1)
      actionview (>= 5.0.1.rc1)
      activesupport (>= 5.0.1.rc1)
    rails-dom-testing (2.0.3)
      activesupport (>= 4.2.0)
      nokogiri (>= 1.6)
    rails-html-sanitizer (1.4.2)
      loofah (~> 2.3)
    rails-observers (0.1.5)
      activemodel (>= 4.0)
    railties (6.1.5.1)
      actionpack (= 6.1.5.1)
      activesupport (= 6.1.5.1)
      method_source
      rake (>= 12.2)
      thor (~> 1.0)
    rainbow (3.1.1)
    rake (13.0.6)
    rb-fsevent (0.11.1)
    rb-inotify (0.10.1)
      ffi (~> 1.0)
    redcarpet (3.5.1)
    regexp_parser (2.3.1)
    rexml (3.2.5)
    rollbar (3.3.0)
    rspec-core (3.11.0)
      rspec-support (~> 3.11.0)
    rspec-expectations (3.11.0)
      diff-lcs (>= 1.2.0, < 2.0)
      rspec-support (~> 3.11.0)
    rspec-mocks (3.11.1)
      diff-lcs (>= 1.2.0, < 2.0)
      rspec-support (~> 3.11.0)
    rspec-rails (5.1.2)
      actionpack (>= 5.2)
      activesupport (>= 5.2)
      railties (>= 5.2)
      rspec-core (~> 3.10)
      rspec-expectations (~> 3.10)
      rspec-mocks (~> 3.10)
      rspec-support (~> 3.10)
    rspec-support (3.11.0)
    rss (0.2.9)
      rexml
    rubocop (1.27.0)
      parallel (~> 1.10)
      parser (>= 3.1.0.0)
      rainbow (>= 2.2.2, < 4.0)
      regexp_parser (>= 1.8, < 3.0)
      rexml
      rubocop-ast (>= 1.16.0, < 2.0)
      ruby-progressbar (~> 1.7)
      unicode-display_width (>= 1.4.0, < 3.0)
    rubocop-ast (1.17.0)
      parser (>= 3.1.1.0)
    rubocop-faker (1.1.0)
      faker (>= 2.12.0)
      rubocop (>= 0.82.0)
    rubocop-rails (2.14.2)
      activesupport (>= 4.2.0)
      rack (>= 1.1)
      rubocop (>= 1.7.0, < 2.0)
    rubocop-rspec (2.9.0)
      rubocop (~> 1.19)
    ruby-progressbar (1.11.0)
    ruby2_keywords (0.0.5)
    ruby_parser (3.19.1)
      sexp_processor (~> 4.16)
    rubyzip (2.3.2)
    sassc (2.4.0)
      ffi (~> 1.9)
    sassc-rails (2.1.2)
      railties (>= 4.0.0)
      sassc (>= 2.0)
      sprockets (> 3.0)
      sprockets-rails
      tilt
    selenium-webdriver (4.1.0)
      childprocess (>= 0.5, < 5.0)
      rexml (~> 3.2, >= 3.2.5)
      rubyzip (>= 1.2.2)
    sexp_processor (4.16.1)
    shoulda-matchers (5.1.0)
      activesupport (>= 5.2.0)
    simplecov (0.21.2)
      docile (~> 1.1)
      simplecov-html (~> 0.11)
      simplecov_json_formatter (~> 0.1)
    simplecov-html (0.12.3)
    simplecov_json_formatter (0.1.4)
    sprockets (3.7.2)
      concurrent-ruby (~> 1.0)
      rack (> 1, < 3)
    sprockets-rails (3.4.2)
      actionpack (>= 5.2)
      activesupport (>= 5.2)
      sprockets (>= 3.0.0)
    temple (0.8.2)
    test-unit (3.5.3)
      power_assert
    thor (1.2.1)
    tilt (2.0.10)
    timecop (0.9.5)
    tzinfo (2.0.4)
      concurrent-ruby (~> 1.0)
    unf (0.1.4)
      unf_ext
    unf_ext (0.0.8.1)
    unicode-display_width (2.1.0)
    uniform_notifier (1.16.0)
    vcr (6.1.0)
    webmock (3.14.0)
      addressable (>= 2.8.0)
      crack (>= 0.3.2)
      hashdiff (>= 0.4.0, < 2.0.0)
    websocket-driver (0.7.5)
      websocket-extensions (>= 0.1.0)
    websocket-extensions (0.1.5)
    xpath (3.2.0)
      nokogiri (~> 1.8)
    zeitwerk (2.5.4)

PLATFORMS
  ruby

DEPENDENCIES
  actionpack-action_caching
  audited
  bootsnap
  bullet
  capybara
  climate_control
  coffee-rails
  connection_pool
  dalli
  dotenv-rails
  elabs_matchers
  factory_bot_rails
  faker
  geocoder
  haml-rails
  http
  jbuilder
  jquery-rails
  launchy
  listen
  memcachier
  oj
  omniauth-facebook
  omniauth-rails_csrf_protection
  pg
  pry-rails
  puma
  rack-attack
  rack-canonical-host
  rack-mini-profiler
  rails (~> 6.1.5, >= 6.1.5.1)
  rails-controller-testing
  rails-observers
  rb-fsevent
  redcarpet
  rollbar
  rspec-rails
  rss
  rubocop (~> 1.27.0)
  rubocop-faker
  rubocop-rails
  rubocop-rspec (~> 2.9.0)
  sassc-rails
  selenium-webdriver
  shoulda-matchers
  simplecov
  sprockets (< 4)
  test-unit
  timecop
  vcr
  webmock

RUBY VERSION
   ruby 2.7.4p191

BUNDLED WITH
   2.3.7
